GEM
  remote: http://rubygems.org/
  specs:
    fusefs-osx (0.7.0)
    json_pure (1.5.2)
    mime-types (1.16)
    nokogiri (1.4.3.1)
    rest-client (1.6.3)
      mime-types (>= 1.16)
    rufus-lru (1.0.3)

PLATFORMS
  ruby

DEPENDENCIES
  fusefs-osx
  json_pure
  nokogiri
  rest-client
  rufus-lru
